PATH
  remote: .
  specs:
    panoramio-rb (0.0.4)
      hashie (= 1.2.0)
      json (= 1.6.1)
      rest-client (= 1.6.7)

GEM
  remote: http://rubygems.org/
  specs:
    hashie (1.2.0)
    json (1.6.1)
    mime-types (1.17.2)
    rest-client (1.6.7)
      mime-types (>= 1.16)
    sqlite3 (1.3.4)

PLATFORMS
  ruby

DEPENDENCIES
  panoramio-rb!
  sqlite3
